PATH
  remote: .
  specs:
    api-moip-assinaturas (0.2.30)
      activemodel (>= 3.2.12)
      httparty (>= 0.11.0)
      i18n (~> 0.6.1, >= 0.6.1)
      json (>= 1.7.7)

GEM
  remote: http://rubygems.org/
  specs:
    activemodel (3.2.13)
      activesupport (= 3.2.13)
      builder (~> 3.0.0)
    activesupport (3.2.13)
      i18n (= 0.6.1)
      multi_json (~> 1.0)
    builder (3.0.4)
    httparty (0.11.0)
      multi_json (~> 1.0)
      multi_xml (>= 0.5.2)
    i18n (0.6.1)
    json (1.7.7)
    multi_json (1.7.7)
    multi_xml (0.5.4)

PLATFORMS
  ruby

DEPENDENCIES
  activemodel (~> 3.2.12, >= 3.2.12)
  api-moip-assinaturas!
  httparty (~> 0.11.0, >= 0.11.0)
  i18n (~> 0.6.1, >= 0.6.1)
  json (~> 1.7.7, >= 1.7.7)
