PATH
  remote: .
  specs:
    api-moip-assinaturas (0.2.32)
      activemodel (>= 4.0.0, < 4.1)
      httparty (>= 0.11.0)
      i18n (~> 0.6.1, >= 0.6.1)
      json (>= 1.7.7)

GEM
  remote: https://rubygems.org/
  specs:
    activemodel (4.0.0)
      activesupport (= 4.0.0)
      builder (~> 3.1.0)
    activesupport (4.0.0)
      i18n (~> 0.6, >= 0.6.4)
      minitest (~> 4.2)
      multi_json (~> 1.3)
      thread_safe (~> 0.1)
      tzinfo (~> 0.3.37)
    atomic (1.1.10)
    builder (3.1.4)
    httparty (0.11.0)
      multi_json (~> 1.0)
      multi_xml (>= 0.5.2)
    i18n (0.6.4)
    json (1.8.0)
    minitest (4.7.5)
    multi_json (1.7.7)
    multi_xml (0.5.4)
    rake (10.1.0)
    thread_safe (0.1.0)
      atomic
    tzinfo (0.3.37)

PLATFORMS
  ruby

DEPENDENCIES
  activemodel (>= 4.0.0, < 4.1)
  api-moip-assinaturas!
  rake
